GEM
  remote: http://rubygems.org/
  specs:
    haml (3.0.25)
    rack (1.5.2)
    rack-protection (1.5.3)
      rack
    ruby-openid (2.1.8)
    ruby-openid-apps-discovery (1.2.0)
      ruby-openid (>= 2.1.7)
    sinatra (1.4.5)
      rack (~> 1.4)
      rack-protection (~> 1.4)
      tilt (~> 1.3, >= 1.3.4)
    tilt (1.4.1)

PLATFORMS
  ruby

DEPENDENCIES
  haml
  ruby-openid
  ruby-openid-apps-discovery
  sinatra
